GEM
  remote: https://rubygems.org/
  specs:
    ffi (1.9.14)
    foreman (0.82.0)
      thor (~> 0.19.1)
    listen (3.1.5)
      rb-fsevent (~> 0.9, >= 0.9.4)
      rb-inotify (~> 0.9, >= 0.9.7)
      ruby_dep (~> 1.2)
    minitest (5.9.0)
    rack (1.6.4)
    rack-console (1.3.1)
      rack (>= 1.1)
      rack-test
    rack-protection (1.5.3)
      rack
    rack-test (0.6.3)
      rack (>= 1.0)
    rake (11.2.2)
    rb-fsevent (0.9.7)
    rb-inotify (0.9.7)
      ffi (>= 0.5.0)
    rerun (0.11.0)
      listen (~> 3.0)
    ruby_dep (1.4.0)
    shotgun (0.9.1)
      rack (>= 1.0)
    sinatra (1.4.7)
      rack (~> 1.5)
      rack-protection (~> 1.4)
      tilt (>= 1.3, < 3)
    thor (0.19.1)
    tilt (2.0.5)

PLATFORMS
  ruby

DEPENDENCIES
  foreman
  minitest
  rack-console
  rack-test
  rake
  rerun
  shotgun
  sinatra

BUNDLED WITH
   1.11.2
